GIT
  remote: https://github.com/rodjek/rspec-puppet.git
  revision: 03e94422fb9bbdd950d5a0bec6ead5d76e06616b
  specs:
    rspec-puppet (1.0.1)
      rspec

GEM
  specs:
    celluloid (0.15.2)
      timers (~> 1.1.0)
    celluloid-io (0.15.0)
      celluloid (>= 0.15.0)
      nio4r (>= 0.5.0)
    coderay (1.1.0)
    diff-lcs (1.2.5)
    facter (1.7.4)
    ffi (1.9.3)
    formatador (0.2.4)
    guard (2.4.0)
      formatador (>= 0.2.4)
      listen (~> 2.1)
      lumberjack (~> 1.0)
      pry (>= 0.9.12)
      thor (>= 0.18.1)
    guard-rake (0.0.9)
      guard
      rake
    hiera (1.3.1)
      json_pure
    json_pure (1.8.1)
    listen (2.7.1)
      celluloid (>= 0.15.2)
      celluloid-io (>= 0.15.0)
      rb-fsevent (>= 0.9.3)
      rb-inotify (>= 0.9)
    lumberjack (1.0.4)
    metaclass (0.0.4)
    method_source (0.8.2)
    mocha (1.0.0)
      metaclass (~> 0.0.1)
    nio4r (1.0.0)
    pry (0.9.12.6)
      coderay (~> 1.0)
      method_source (~> 0.8)
      slop (~> 3.4)
    puppet (3.4.2)
      facter (~> 1.6)
      hiera (~> 1.0)
      rgen (~> 0.6.5)
    puppetlabs_spec_helper (0.4.1.39)
      mocha (>= 0.10.5)
      rake
      rspec (>= 2.9.0)
      rspec-puppet (>= 0.1.1)
    rake (10.2.2)
    rb-fsevent (0.9.4)
    rb-inotify (0.9.3)
      ffi (>= 0.5.0)
    rgen (0.6.6)
    rspec (2.14.1)
      rspec-core (~> 2.14.0)
      rspec-expectations (~> 2.14.0)
      rspec-mocks (~> 2.14.0)
    rspec-core (2.14.7)
    rspec-expectations (2.14.5)
      diff-lcs (>= 1.1.3, < 2.0)
    rspec-mocks (2.14.5)
    slop (3.4.7)
    thor (0.18.1)
    timers (1.1.0)

PLATFORMS
  ruby

DEPENDENCIES
  guard-rake
  puppet
  puppetlabs_spec_helper
  rake
  rspec-puppet!
